GEM
  remote: https://rubygems.org/
  specs:
    diff-lcs (1.3)
    puma (3.8.2)
    rack (2.0.3)
    rspec (3.7.0)
      rspec-core (~> 3.7.0)
      rspec-expectations (~> 3.7.0)
      rspec-mocks (~> 3.7.0)
    rspec-core (3.7.1)
      rspec-support (~> 3.7.0)
    rspec-expectations (3.7.0)
      diff-lcs (>= 1.2.0, < 2.0)
      rspec-support (~> 3.7.0)
    rspec-mocks (3.7.0)
      diff-lcs (>= 1.2.0, < 2.0)
      rspec-support (~> 3.7.0)
    rspec-support (3.7.1)
    sqlite3 (1.3.13)
    timecop (0.9.1)

PLATFORMS
  ruby

DEPENDENCIES
  puma (~> 3.8.2)
  rack (~> 2.0.3)
  rspec (~> 3.7.0)
  sqlite3 (~> 1.3.13)
  timecop (~> 0.9.1)

BUNDLED WITH
   1.15.0
